PATH
  remote: .
  specs:
    itools (0.1.1)

GEM
  remote: https://rubygems.org/
  specs:
    gli (2.18.0)
    rake (10.4.2)

PLATFORMS
  ruby

DEPENDENCIES
  bundler (~> 1.17)
  gli (~> 2.17)
  itools!
  rake (~> 10.0)

BUNDLED WITH
   1.17.1
