PATH
  remote: .
  specs:
    itools (0.4.7)
      bundler (~> 1.17)
      git (~> 1.5)
      gli (~> 2.17)
      rake (~> 10.0)
      spreadsheet (~> 1.1, >= 1.1.8)

GEM
  remote: https://rubygems.org/
  specs:
    git (1.5.0)
    gli (2.18.0)
    rake (10.5.0)
    ruby-ole (1.2.12.1)
    spreadsheet (1.1.8)
      ruby-ole (>= 1.0)

PLATFORMS
  ruby

DEPENDENCIES
  itools!

BUNDLED WITH
   1.17.1
