PATH
  remote: .
  specs:
    itools (1.2.0)
      bundler (>= 2.2.33)
      git (~> 1.5)
      gli (~> 2.17)
      rake (>= 12.3.3)
      spreadsheet (~> 1.1, >= 1.1.8)

GEM
  remote: https://rubygems.org/
  specs:
    git (1.10.1)
      rchardet (~> 1.8)
    gli (2.20.1)
    rake (13.0.6)
    rchardet (1.8.0)
    ruby-ole (1.2.12.2)
    spreadsheet (1.3.0)
      ruby-ole

PLATFORMS
  x86_64-darwin-20

DEPENDENCIES
  itools!

BUNDLED WITH
   2.3.4
