PATH
  remote: .
  specs:
    itools (1.1.5)
      bundler (~> 1.17)
      git (~> 1.5)
      gli (~> 2.17)
      rake (~> 10.0)
      spreadsheet (~> 1.1, >= 1.1.8)

GEM
  remote: https://rubygems.org/
  specs:
    git (1.7.0)
      rchardet (~> 1.8)
    gli (2.20.0)
    rake (10.5.0)
    rchardet (1.8.0)
    ruby-ole (1.2.12.2)
    spreadsheet (1.2.6)
      ruby-ole (>= 1.0)

PLATFORMS
  ruby

DEPENDENCIES
  itools!

BUNDLED WITH
   1.17.3
